GIT
  remote: git://github.com/chef/omnibus-software.git
  revision: 44f52c320c3fe866e4d4186319fb6b5537f0656f
  specs:
    omnibus-software (4.0.0)
      chef-sugar (>= 3.4.0)
      omnibus (>= 5.6.1)

GEM
  remote: https://rubygems.org/
  specs:
    addressable (2.8.1)
      public_suffix (>= 2.0.2, < 6.0)
    awesome_print (1.9.2)
    aws-eventstream (1.2.0)
    aws-partitions (1.642.0)
    aws-sdk-core (3.158.0)
      aws-eventstream (~> 1, >= 1.0.2)
      aws-partitions (~> 1, >= 1.525.0)
      aws-sigv4 (~> 1.1)
      jmespath (~> 1, >= 1.6.1)
    aws-sdk-kms (1.58.0)
      aws-sdk-core (~> 3, >= 3.127.0)
      aws-sigv4 (~> 1.1)
    aws-sdk-s3 (1.114.0)
      aws-sdk-core (~> 3, >= 3.127.0)
      aws-sdk-kms (~> 1)
      aws-sigv4 (~> 1.4)
    aws-sigv4 (1.5.2)
      aws-eventstream (~> 1, >= 1.0.2)
    chef-cleanroom (1.0.5)
    chef-config (17.10.0)
      addressable
      chef-utils (= 17.10.0)
      fuzzyurl
      mixlib-config (>= 2.2.12, < 4.0)
      mixlib-shellout (>= 2.0, < 4.0)
      tomlrb (~> 1.2)
    chef-sugar (5.1.12)
    chef-utils (17.10.0)
      concurrent-ruby
    citrus (3.0.2)
    concurrent-ruby (1.1.10)
    contracts (0.16.1)
    ffi (1.15.5)
    ffi-yajl (2.4.0)
      libyajl2 (>= 1.2)
    fuzzyurl (0.9.0)
    iostruct (0.0.4)
    ipaddress (0.8.3)
    jmespath (1.6.1)
    json (2.6.2)
    libyajl2 (2.1.0)
    license_scout (1.3.2)
      ffi-yajl (~> 2.2)
      mixlib-shellout (>= 2.2, < 4.0)
      toml-rb (>= 1, < 3)
    mixlib-cli (2.1.8)
    mixlib-config (3.0.27)
      tomlrb
    mixlib-log (3.0.9)
    mixlib-shellout (3.2.7)
      chef-utils
    mixlib-versioning (1.2.12)
    multipart-post (2.2.3)
    net-scp (3.0.0)
      net-ssh (>= 2.6.5, < 7.0.0)
    net-ssh (6.1.0)
    ohai (17.9.0)
      chef-config (>= 14.12, < 18)
      chef-utils (>= 16.0, < 18)
      ffi (~> 1.9)
      ffi-yajl (~> 2.2)
      ipaddress
      mixlib-cli (>= 1.7.0)
      mixlib-config (>= 2.0, < 4.0)
      mixlib-log (>= 2.0.1, < 4.0)
      mixlib-shellout (~> 3.2, >= 3.2.5)
      plist (~> 3.1)
      train-core
      wmi-lite (~> 1.0)
    omnibus (8.3.2)
      aws-sdk-s3 (~> 1)
      chef-cleanroom (~> 1.0)
      chef-utils (>= 15.4)
      contracts (>= 0.16.0, < 0.17.0)
      ffi-yajl (~> 2.2)
      license_scout (~> 1.0)
      mixlib-shellout (>= 2.0, < 4.0)
      mixlib-versioning
      ohai (>= 15, < 18)
      pedump
      ruby-progressbar (~> 1.7)
      thor (>= 0.18, < 2.0)
    pedump (0.6.5)
      awesome_print
      iostruct (>= 0.0.4)
      multipart-post (>= 2.0.0)
      rainbow
      zhexdump (>= 0.0.2)
    plist (3.6.0)
    public_suffix (5.0.0)
    rainbow (3.1.1)
    ruby-progressbar (1.11.0)
    thor (1.2.1)
    toml-rb (2.2.0)
      citrus (~> 3.0, > 3.0)
    tomlrb (1.3.0)
    train-core (3.10.1)
      addressable (~> 2.5)
      ffi (!= 1.13.0)
      json (>= 1.8, < 3.0)
      mixlib-shellout (>= 2.0, < 4.0)
      net-scp (>= 1.2, < 4.0)
      net-ssh (>= 2.9, < 7.0)
    wmi-lite (1.0.7)
    zhexdump (0.0.2)

PLATFORMS
  ruby

DEPENDENCIES
  omnibus
  omnibus-software!

BUNDLED WITH
   1.17.3
